GEM
  remote: https://rubygems.org/
  specs:
    bundler (2.2.33)

PLATFORMS
  ruby

DEPENDENCIES
  bundler (~> 2.2)

RUBY VERSION
   ruby 3.2.0p0

BUNDLED WITH
   2.2.33 